GEM
  remote: https://rubygems.org/
  specs:
    openai (0.3.0)

PLATFORMS
  x64-mingw-ucrt

DEPENDENCIES
  openai (~> 0.3.0)

BUNDLED WITH
   2.4.10
